GEM
  remote: https://rubygems.org/
  specs:
    addressable (2.5.1)
      public_suffix (~> 2.0, >= 2.0.2)
    colored (1.2)
    faraday (0.12.2)
      multipart-post (>= 1.2, < 3)
    hashdiff (0.3.5)
    mini_portile2 (2.2.0)
    multipart-post (2.0.0)
    netrc (0.11.0)
    nokogiri (1.8.0)
      mini_portile2 (~> 2.2.0)
    octokit (4.7.0)
      sawyer (~> 0.8.0, >= 0.5.3)
    public_suffix (2.0.5)
    rake (12.0.0)
    safe_yaml (1.0.4)
    sawyer (0.8.1)
      addressable (>= 2.3.5, < 2.6)
      faraday (~> 0.8, < 1.0)

PLATFORMS
  ruby

DEPENDENCIES
  colored
  faraday
  hashdiff
  netrc
  nokogiri
  octokit
  rake
  safe_yaml

BUNDLED WITH
   1.15.3
